GEM
  remote: https://rubygems.org/
  specs:
    byebug (9.0.6)
    line-bot-api (1.2.0)
    mustermann (1.0.0)
    rack (2.0.3)
    rack-protection (2.0.0)
      rack
    sinatra (2.0.0)
      mustermann (~> 1.0)
      rack (~> 2.0)
      rack-protection (= 2.0.0)
      tilt (~> 2.0)
    tilt (2.0.7)

PLATFORMS
  ruby

DEPENDENCIES
  byebug
  line-bot-api
  sinatra

BUNDLED WITH
   1.15.0
